GIT
  remote: https://github.com/qbit/linnaeus.git
  revision: 06cee330ff9a0ff84eb0a251b79078932cea3296
  specs:
    linnaeus (1.5.0)
      redis (~> 4.0)
      stemmer (~> 1.0.0)

GEM
  remote: https://rubygems.org/
  specs:
    ast (2.4.0)
    cinch (2.3.4)
    jaro_winkler (1.5.1)
    mini_portile2 (2.3.0)
    nokogiri (1.8.4)
      mini_portile2 (~> 2.3.0)
    parallel (1.12.1)
    parser (2.5.1.2)
      ast (~> 2.4.0)
    powerpack (0.1.2)
    rainbow (3.0.0)
    redis (4.0.2)
    rubocop (0.58.2)
      jaro_winkler (~> 1.5.1)
      parallel (~> 1.10)
      parser (>= 2.5, != 2.5.1.1)
      powerpack (~> 0.1)
      rainbow (>= 2.2.2, < 4.0)
      ruby-progressbar (~> 1.7)
      unicode-display_width (~> 1.0, >= 1.0.1)
    ruby-progressbar (1.10.0)
    stemmer (1.0.1)
    unicode-display_width (1.4.0)

PLATFORMS
  ruby

DEPENDENCIES
  cinch (~> 2.3)
  linnaeus (~> 1.5.0)!
  nokogiri (~> 1.8, >= 1.8.4)
  redis (~> 4.0, >= 4.0.2)
  rubocop (~> 0.58.2)

BUNDLED WITH
   1.16.4
